{
    "Modality": "MR",
    "MagneticFieldStrength": 3,
    "ImagingFrequency": 123.251,
    "Manufacturer": "Siemens",
    "ManufacturersModelName": "Verio",
    "InstitutionName": "INRA/03E5C6/",
    "InstitutionalDepartmentName": "Department",
    "InstitutionAddress": "Street StreetNo,Nouzilly,District,FR,37380",
    "DeviceSerialNumber": "40849",
    "StationName": "CIREIRM",
    "PatientPosition": "HFP",
    "ProcedureStepDescription": "CRANE^BREBIS",
    "SoftwareVersions": "syngo MR B19",
    "MRAcquisitionType": "2D",
    "SeriesDescription": "FMRI REST AX RL long",
    "ProtocolName": "FMRI REST AX RL long",
    "ScanningSequence": "EP",
    "SequenceVariant": "SK",
    "ScanOptions": "FS",
    "SequenceName": "*epfid2d1_110",
    "ImageType": [
        "ORIGINAL",
        "PRIMARY",
        "FMRI",
        "NONE",
        "ND",
        "NORM",
        "MOSAIC"
    ],
    "SeriesNumber": 4,
    "AcquisitionTime": "10:04:5.095000",
    "AcquisitionNumber": 1,
    "SliceThickness": 2,
    "SpacingBetweenSlices": 2.2,
    "SAR": 0.144801,
    "EchoTime": 0.024,
    "RepetitionTime": 3.26,
    "FlipAngle": 90,
    "PartialFourier": 1,
    "BaseResolution": 110,
    "ShimSetting": [
        -4390,
        11623,
        2800,
        116,
        464,
        -873,
        2138,
        1005
    ],
    "DelayTime": 0.5,
    "TxRefAmp": 445.27,
    "PhaseResolution": 1,
    "ReceiveCoilName": "4Ch_FlexLarge",
    "CoilString": "t:FL",
    "PulseSequenceDetails": "%SiemensSeq%\\ep2d_pace",
    "RefLinesPE": 54,
    "CoilCombinationMethod": "Sum of Squares",
    "MatrixCoilMode": "GRAPPA",
    "PercentPhaseFOV": 100,
    "PercentSampling": 100,
    "PhaseEncodingSteps": 110,
    "AcquisitionMatrixPE": 110,
    "ReconMatrixPE": 110,
    "BandwidthPerPixelPhaseEncode": 28.708,
    "ParallelReductionFactorInPlane": 3,
    "EffectiveEchoSpacing": 0.000316668,
    "DerivedVendorReportedEchoSpacing": 0.000950004,
    "TotalReadoutTime": 0.0345168,
    "PixelBandwidth": 1420,
    "DwellTime": 3.2e-06,
    "PhaseEncodingDirection": "i",
    "SliceTiming": [
        0,
        1.4075,
        0.0625,
        1.4675,
        0.1225,
        1.53,
        0.185,
        1.59,
        0.245,
        1.6525,
        0.3075,
        1.7125,
        0.3675,
        1.775,
        0.43,
        1.835,
        0.49,
        1.895,
        0.5525,
        1.9575,
        0.6125,
        2.0175,
        0.6725,
        2.08,
        0.735,
        2.14,
        0.795,
        2.2025,
        0.8575,
        2.2625,
        0.9175,
        2.325,
        0.98,
        2.385,
        1.04,
        2.445,
        1.1025,
        2.5075,
        1.1625,
        2.5675,
        1.2225,
        2.63,
        1.285,
        2.69,
        1.345
    ],
    "ImageOrientationPatientDICOM": [
        0.976438,
        -0.211387,
        -0.0434015,
        0.212898,
        0.976492,
        0.0337354
    ],
    "ImageOrientationText": "Tra>Cor(2.4)>Sag(-2.0)",
    "InPlanePhaseEncodingDirectionDICOM": "ROW",
    "ConversionSoftware": "dcm2niix",
    "ConversionSoftwareVersion": "v1.0.20211006",
    "TaskName": "Resting-State"
}