{
    "Modality": "MR",
    "MagneticFieldStrength": 3,
    "ImagingFrequency": 123.251,
    "Manufacturer": "Siemens",
    "ManufacturersModelName": "Verio",
    "InstitutionName": "INRA/03E5C6/",
    "InstitutionalDepartmentName": "Department",
    "InstitutionAddress": "Street StreetNo,Nouzilly,District,FR,37380",
    "DeviceSerialNumber": "40849",
    "StationName": "CIREIRM",
    "PatientPosition": "HFP",
    "ProcedureStepDescription": "CRANE^BREBIS",
    "SoftwareVersions": "syngo MR B19",
    "MRAcquisitionType": "2D",
    "SeriesDescription": "DWI_MB3_64dir_AX_LR",
    "ProtocolName": "DWI_MB3_64dir_AX_LR",
    "ScanningSequence": "EP",
    "SequenceVariant": "SK\\SS",
    "ScanOptions": "PFP\\FS",
    "SequenceName": "ep_b5#1",
    "ImageType": [
        "ORIGINAL",
        "PRIMARY",
        "DIFFUSION",
        "NONE",
        "MB",
        "ND",
        "MOSAIC"
    ],
    "SeriesNumber": 46,
    "AcquisitionTime": "12:31:23.765000",
    "AcquisitionNumber": 1,
    "ImageComments": "Unaliased MB3/PE4/LB",
    "SliceThickness": 1.55,
    "SpacingBetweenSlices": 1.55,
    "SAR": 0.135232,
    "EchoTime": 0.1,
    "RepetitionTime": 5,
    "FlipAngle": 90,
    "PartialFourier": 0.75,
    "BaseResolution": 124,
    "ShimSetting": [
        -4419,
        11688,
        2736,
        66,
        1150,
        292,
        -19,
        1045
    ],
    "DiffusionScheme": "Monopolar",
    "TxRefAmp": 470.823,
    "PhaseResolution": 1,
    "ReceiveCoilName": "4Ch_FlexLarge",
    "CoilString": "C:FL",
    "PulseSequenceDetails": "%CustomerSeq%\\cmrr_mbep2d_diff",
    "RefLinesPE": 24,
    "CoilCombinationMethod": "Sum of Squares",
    "MatrixCoilMode": "GRAPPA",
    "MultibandAccelerationFactor": 3,
    "PercentPhaseFOV": 100,
    "PercentSampling": 100,
    "PhaseEncodingSteps": 92,
    "AcquisitionMatrixPE": 124,
    "ReconMatrixPE": 124,
    "BandwidthPerPixelPhaseEncode": 16.978,
    "ParallelReductionFactorInPlane": 2,
    "EffectiveEchoSpacing": 0.000474998,
    "DerivedVendorReportedEchoSpacing": 0.000949996,
    "TotalReadoutTime": 0.0584248,
    "PixelBandwidth": 1440,
    "DwellTime": 2.8e-06,
    "PhaseEncodingDirection": "i-",
    "SliceTiming": [
        0,
        2.64,
        0.2625,
        2.905,
        0.5275,
        3.17,
        0.7925,
        3.4325,
        1.055,
        3.6975,
        1.32,
        3.9625,
        1.585,
        4.225,
        1.8475,
        4.49,
        2.1125,
        4.755,
        2.3775,
        0,
        2.64,
        0.2625,
        2.905,
        0.5275,
        3.17,
        0.7925,
        3.4325,
        1.055,
        3.6975,
        1.32,
        3.9625,
        1.585,
        4.225,
        1.8475,
        4.49,
        2.1125,
        4.755,
        2.3775,
        0,
        2.64,
        0.2625,
        2.905,
        0.5275,
        3.17,
        0.7925,
        3.4325,
        1.055,
        3.6975,
        1.32,
        3.9625,
        1.585,
        4.225,
        1.8475,
        4.49,
        2.1125,
        4.755,
        2.3775
    ],
    "ImageOrientationPatientDICOM": [
        0.995226,
        0.0912406,
        0.0346456,
        -0.0975828,
        0.936319,
        0.337321
    ],
    "ImageOrientationText": "Tra>Cor(19.8)>Sag(0.1)",
    "InPlanePhaseEncodingDirectionDICOM": "ROW",
    "ConversionSoftware": "dcm2niix",
    "ConversionSoftwareVersion": "v1.0.20211006",
    "TaskName": "dwi 3 shells LR"
}