{
    "Modality": "MR",
    "MagneticFieldStrength": 3,
    "ImagingFrequency": 123.251,
    "Manufacturer": "Siemens",
    "ManufacturersModelName": "Verio",
    "InstitutionName": "INRA/03E5C6/",
    "InstitutionalDepartmentName": "Department",
    "InstitutionAddress": "Street StreetNo,Nouzilly,District,FR,37380",
    "DeviceSerialNumber": "40849",
    "StationName": "CIREIRM",
    "PatientPosition": "HFP",
    "ProcedureStepDescription": "CRANE^BREBIS",
    "SoftwareVersions": "syngo MR B19",
    "MRAcquisitionType": "2D",
    "SeriesDescription": "DWI_MB3_64dir_AX_LR",
    "ProtocolName": "DWI_MB3_64dir_AX_LR",
    "ScanningSequence": "EP",
    "SequenceVariant": "SK\\SS",
    "ScanOptions": "PFP\\FS",
    "SequenceName": "ep_b5#1",
    "ImageType": [
        "ORIGINAL",
        "PRIMARY",
        "DIFFUSION",
        "NONE",
        "MB",
        "ND",
        "MOSAIC"
    ],
    "SeriesNumber": 34,
    "AcquisitionTime": "09:23:7.802500",
    "AcquisitionNumber": 1,
    "ImageComments": "Unaliased MB3/PE4/LB",
    "SliceThickness": 1.55,
    "SpacingBetweenSlices": 1.55,
    "SAR": 0.123932,
    "EchoTime": 0.1,
    "RepetitionTime": 5,
    "FlipAngle": 90,
    "PartialFourier": 0.75,
    "BaseResolution": 124,
    "ShimSetting": [
        -4541,
        11578,
        2792,
        -99,
        573,
        1317,
        3154,
        1178
    ],
    "DiffusionScheme": "Monopolar",
    "TxRefAmp": 473.75,
    "PhaseResolution": 1,
    "ReceiveCoilName": "4Ch_FlexLarge",
    "CoilString": "C:FL",
    "PulseSequenceDetails": "%CustomerSeq%\\cmrr_mbep2d_diff",
    "RefLinesPE": 24,
    "CoilCombinationMethod": "Sum of Squares",
    "MatrixCoilMode": "GRAPPA",
    "MultibandAccelerationFactor": 3,
    "PercentPhaseFOV": 100,
    "PercentSampling": 100,
    "PhaseEncodingSteps": 92,
    "AcquisitionMatrixPE": 124,
    "ReconMatrixPE": 124,
    "BandwidthPerPixelPhaseEncode": 16.978,
    "ParallelReductionFactorInPlane": 2,
    "EffectiveEchoSpacing": 0.000474998,
    "DerivedVendorReportedEchoSpacing": 0.000949996,
    "TotalReadoutTime": 0.0584248,
    "PixelBandwidth": 1440,
    "DwellTime": 2.8e-06,
    "PhaseEncodingDirection": "i-",
    "SliceTiming": [
        0,
        2.6425,
        0.265,
        2.9075,
        0.53,
        3.17,
        0.7925,
        3.435,
        1.0575,
        3.7,
        1.3225,
        3.9625,
        1.585,
        4.2275,
        1.85,
        4.4925,
        2.115,
        4.755,
        2.3775,
        0,
        2.6425,
        0.265,
        2.9075,
        0.53,
        3.17,
        0.7925,
        3.435,
        1.0575,
        3.7,
        1.3225,
        3.9625,
        1.585,
        4.2275,
        1.85,
        4.4925,
        2.115,
        4.755,
        2.3775,
        0,
        2.6425,
        0.265,
        2.9075,
        0.53,
        3.17,
        0.7925,
        3.435,
        1.0575,
        3.7,
        1.3225,
        3.9625,
        1.585,
        4.2275,
        1.85,
        4.4925,
        2.115,
        4.755,
        2.3775
    ],
    "ImageOrientationPatientDICOM": [
        0.994943,
        -0.084533,
        0.0542383,
        0.0800512,
        0.99357,
        0.080071
    ],
    "ImageOrientationText": "Tra>Cor(4.3)>Sag(3.5)",
    "InPlanePhaseEncodingDirectionDICOM": "ROW",
    "ConversionSoftware": "dcm2niix",
    "ConversionSoftwareVersion": "v1.0.20211006",
    "TaskName": "dwi 3 shells LR"
}