{
    "Modality": "MR",
    "MagneticFieldStrength": 3,
    "ImagingFrequency": 123.251,
    "Manufacturer": "Siemens",
    "ManufacturersModelName": "Verio",
    "InstitutionName": "INRA/03E5C6/",
    "InstitutionalDepartmentName": "Department",
    "InstitutionAddress": "Street StreetNo,Nouzilly,District,FR,37380",
    "DeviceSerialNumber": "40849",
    "StationName": "CIREIRM",
    "PatientPosition": "HFP",
    "ProcedureStepDescription": "CRANE^BREBIS",
    "SoftwareVersions": "syngo MR B19",
    "MRAcquisitionType": "3D",
    "SeriesDescription": "T1_3D_SAG_3NEX_PAT2",
    "ProtocolName": "T1_3D_SAG_3NEX_PAT2",
    "ScanningSequence": "GR\\IR",
    "SequenceVariant": "SP\\MP\\OSP",
    "ScanOptions": "IR",
    "SequenceName": "*tfl3d1_ns",
    "ImageType": [
        "ORIGINAL",
        "PRIMARY",
        "M",
        "ND"
    ],
    "SeriesNumber": 40,
    "AcquisitionTime": "09:37:31.845000",
    "AcquisitionNumber": 1,
    "SliceThickness": 0.5,
    "SAR": 0.122606,
    "NumberOfAverages": 3,
    "EchoTime": 0.00318,
    "RepetitionTime": 2.5,
    "InversionTime": 0.9,
    "FlipAngle": 12,
    "PartialFourier": 1,
    "BaseResolution": 384,
    "ShimSetting": [
        -4541,
        11578,
        2792,
        -99,
        573,
        1317,
        3154,
        1178
    ],
    "TxRefAmp": 473.75,
    "PhaseResolution": 1,
    "PhaseOversampling": 0.1,
    "ReceiveCoilName": "4Ch_FlexLarge",
    "CoilString": "C:FL",
    "PulseSequenceDetails": "%SiemensSeq%\\tfl",
    "RefLinesPE": 24,
    "CoilCombinationMethod": "Adaptive Combine",
    "MatrixCoilMode": "GRAPPA",
    "PercentPhaseFOV": 100,
    "PercentSampling": 100,
    "PhaseEncodingSteps": 422,
    "AcquisitionMatrixPE": 384,
    "ReconMatrixPE": 384,
    "ParallelReductionFactorInPlane": 2,
    "PixelBandwidth": 150,
    "DwellTime": 8.7e-06,
    "ImageOrientationPatientDICOM": [
        0.0855743,
        0.994246,
        0.0644426,
        0.0581334,
        0.0595871,
        -0.996529
    ],
    "ImageOrientationText": "Sag>Cor(5.1)>Tra(-3.0)",
    "InPlanePhaseEncodingDirectionDICOM": "ROW",
    "ConversionSoftware": "dcm2niix",
    "ConversionSoftwareVersion": "v1.0.20211006",
    "TaskName": "T1w"
}