{
    "Modality": "MR",
    "MagneticFieldStrength": 3,
    "ImagingFrequency": 123.251,
    "Manufacturer": "Siemens",
    "ManufacturersModelName": "Verio",
    "InstitutionName": "INRA/03E5C6/",
    "InstitutionalDepartmentName": "Department",
    "InstitutionAddress": "Street StreetNo,Nouzilly,District,FR,37380",
    "DeviceSerialNumber": "40849",
    "StationName": "CIREIRM",
    "PatientPosition": "HFP",
    "ProcedureStepDescription": "CRANE^BREBIS",
    "SoftwareVersions": "syngo MR B19",
    "MRAcquisitionType": "2D",
    "SeriesDescription": "FMRI REST AX RL long",
    "ProtocolName": "FMRI REST AX RL long",
    "ScanningSequence": "EP",
    "SequenceVariant": "SK",
    "ScanOptions": "FS",
    "SequenceName": "*epfid2d1_110",
    "ImageType": [
        "ORIGINAL",
        "PRIMARY",
        "FMRI",
        "NONE",
        "ND",
        "NORM",
        "MOSAIC"
    ],
    "SeriesNumber": 4,
    "AcquisitionTime": "10:45:13.492500",
    "AcquisitionNumber": 1,
    "SliceThickness": 2,
    "SpacingBetweenSlices": 2.2,
    "SAR": 0.152179,
    "EchoTime": 0.024,
    "RepetitionTime": 3.26,
    "FlipAngle": 90,
    "PartialFourier": 1,
    "BaseResolution": 110,
    "ShimSetting": [
        -4539,
        11561,
        2811,
        -269,
        523,
        444,
        1499,
        -1070
    ],
    "DelayTime": 0.5,
    "TxRefAmp": 458.434,
    "PhaseResolution": 1,
    "ReceiveCoilName": "4Ch_FlexLarge",
    "CoilString": "t:FL",
    "PulseSequenceDetails": "%SiemensSeq%\\ep2d_pace",
    "RefLinesPE": 54,
    "CoilCombinationMethod": "Sum of Squares",
    "MatrixCoilMode": "GRAPPA",
    "PercentPhaseFOV": 100,
    "PercentSampling": 100,
    "PhaseEncodingSteps": 110,
    "AcquisitionMatrixPE": 110,
    "ReconMatrixPE": 110,
    "BandwidthPerPixelPhaseEncode": 28.708,
    "ParallelReductionFactorInPlane": 3,
    "EffectiveEchoSpacing": 0.000316668,
    "DerivedVendorReportedEchoSpacing": 0.000950004,
    "TotalReadoutTime": 0.0345168,
    "PixelBandwidth": 1420,
    "DwellTime": 3.2e-06,
    "PhaseEncodingDirection": "i",
    "SliceTiming": [
        0,
        1.405,
        0.06,
        1.465,
        0.12,
        1.5275,
        0.1825,
        1.5875,
        0.2425,
        1.65,
        0.305,
        1.71,
        0.365,
        1.7725,
        0.4275,
        1.8325,
        0.4875,
        1.8925,
        0.55,
        1.955,
        0.61,
        2.015,
        0.67,
        2.0775,
        0.7325,
        2.1375,
        0.7925,
        2.2,
        0.855,
        2.26,
        0.915,
        2.3225,
        0.9775,
        2.3825,
        1.0375,
        2.445,
        1.1,
        2.505,
        1.16,
        2.565,
        1.2225,
        2.6275,
        1.2825,
        2.6875,
        1.3425
    ],
    "ImageOrientationPatientDICOM": [
        0.988633,
        0.149805,
        -0.0127875,
        -0.149517,
        0.988533,
        0.0211423
    ],
    "ImageOrientationText": "Tra>Cor(1.1)>Sag(-0.9)",
    "InPlanePhaseEncodingDirectionDICOM": "ROW",
    "ConversionSoftware": "dcm2niix",
    "ConversionSoftwareVersion": "v1.0.20211006",
    "TaskName": "Resting-State"
}