{
    "Modality": "MR",
    "MagneticFieldStrength": 3,
    "ImagingFrequency": 123.251,
    "Manufacturer": "Siemens",
    "ManufacturersModelName": "Verio",
    "InstitutionName": "INRA/03E5C6/",
    "InstitutionalDepartmentName": "Department",
    "InstitutionAddress": "Street StreetNo,Nouzilly,District,FR,37380",
    "DeviceSerialNumber": "40849",
    "StationName": "CIREIRM",
    "PatientPosition": "HFP",
    "ProcedureStepDescription": "CRANE^BREBIS",
    "SoftwareVersions": "syngo MR B19",
    "MRAcquisitionType": "3D",
    "SeriesDescription": "T1_3D_SAG_3NEX_PAT2",
    "ProtocolName": "T1_3D_SAG_3NEX_PAT2",
    "ScanningSequence": "GR\\IR",
    "SequenceVariant": "SP\\MP\\OSP",
    "ScanOptions": "IR",
    "SequenceName": "*tfl3d1_ns",
    "ImageType": [
        "ORIGINAL",
        "PRIMARY",
        "M",
        "ND"
    ],
    "SeriesNumber": 40,
    "AcquisitionTime": "11:21:0.500000",
    "AcquisitionNumber": 1,
    "SliceThickness": 0.5,
    "SAR": 0.134788,
    "NumberOfAverages": 3,
    "EchoTime": 0.00318,
    "RepetitionTime": 2.5,
    "InversionTime": 0.9,
    "FlipAngle": 12,
    "PartialFourier": 1,
    "BaseResolution": 384,
    "ShimSetting": [
        -4458,
        11572,
        2824,
        280,
        537,
        911,
        2568,
        -95
    ],
    "TxRefAmp": 471.648,
    "PhaseResolution": 1,
    "PhaseOversampling": 0.1,
    "ReceiveCoilName": "4Ch_FlexLarge",
    "CoilString": "C:FL",
    "PulseSequenceDetails": "%SiemensSeq%\\tfl",
    "RefLinesPE": 24,
    "CoilCombinationMethod": "Adaptive Combine",
    "MatrixCoilMode": "GRAPPA",
    "PercentPhaseFOV": 100,
    "PercentSampling": 100,
    "PhaseEncodingSteps": 422,
    "AcquisitionMatrixPE": 384,
    "ReconMatrixPE": 384,
    "ParallelReductionFactorInPlane": 2,
    "PixelBandwidth": 150,
    "DwellTime": 8.7e-06,
    "ImageOrientationPatientDICOM": [
        -0.0109903,
        0.996433,
        0.0836719,
        0.0110116,
        0.0837925,
        -0.996422
    ],
    "ImageOrientationText": "Sag>Tra(-0.7)>Cor(-0.6)",
    "InPlanePhaseEncodingDirectionDICOM": "ROW",
    "ConversionSoftware": "dcm2niix",
    "ConversionSoftwareVersion": "v1.0.20211006",
    "TaskName": "T1w"
}