{
    "Modality": "MR",
    "MagneticFieldStrength": 3,
    "ImagingFrequency": 123.251,
    "Manufacturer": "Siemens",
    "ManufacturersModelName": "Verio",
    "InstitutionName": "INRA/03E5C6/",
    "InstitutionalDepartmentName": "Department",
    "InstitutionAddress": "Street StreetNo,Nouzilly,District,FR,37380",
    "DeviceSerialNumber": "40849",
    "StationName": "CIREIRM",
    "PatientPosition": "HFP",
    "ProcedureStepDescription": "CRANE^BREBIS",
    "SoftwareVersions": "syngo MR B19",
    "MRAcquisitionType": "2D",
    "SeriesDescription": "FMRI REST AX RL short",
    "ProtocolName": "FMRI REST AX RL short",
    "ScanningSequence": "EP",
    "SequenceVariant": "SK",
    "ScanOptions": "FS",
    "SequenceName": "*epfid2d1_110",
    "ImageType": [
        "ORIGINAL",
        "PRIMARY",
        "FMRI",
        "NONE",
        "ND",
        "NORM",
        "MOSAIC"
    ],
    "SeriesNumber": 11,
    "AcquisitionTime": "12:01:42.060000",
    "AcquisitionNumber": 1,
    "SliceThickness": 2,
    "SpacingBetweenSlices": 2.2,
    "SAR": 0.147064,
    "EchoTime": 0.024,
    "RepetitionTime": 3.26,
    "FlipAngle": 90,
    "PartialFourier": 1,
    "BaseResolution": 110,
    "ShimSetting": [
        -4643,
        11444,
        2807,
        435,
        868,
        512,
        3224,
        -835
    ],
    "DelayTime": 0.5,
    "TxRefAmp": 444.626,
    "PhaseResolution": 1,
    "ReceiveCoilName": "4Ch_FlexLarge",
    "CoilString": "t:FL",
    "PulseSequenceDetails": "%SiemensSeq%\\ep2d_pace",
    "RefLinesPE": 54,
    "CoilCombinationMethod": "Sum of Squares",
    "MatrixCoilMode": "GRAPPA",
    "PercentPhaseFOV": 100,
    "PercentSampling": 100,
    "PhaseEncodingSteps": 110,
    "AcquisitionMatrixPE": 110,
    "ReconMatrixPE": 110,
    "BandwidthPerPixelPhaseEncode": 28.708,
    "ParallelReductionFactorInPlane": 3,
    "EffectiveEchoSpacing": 0.000316668,
    "DerivedVendorReportedEchoSpacing": 0.000950004,
    "TotalReadoutTime": 0.0345168,
    "PixelBandwidth": 1420,
    "DwellTime": 3.2e-06,
    "PhaseEncodingDirection": "i",
    "SliceTiming": [
        0,
        1.405,
        0.06,
        1.4675,
        0.1225,
        1.5275,
        0.1825,
        1.59,
        0.245,
        1.65,
        0.305,
        1.71,
        0.3675,
        1.7725,
        0.4275,
        1.8325,
        0.4875,
        1.895,
        0.55,
        1.955,
        0.61,
        2.0175,
        0.6725,
        2.0775,
        0.7325,
        2.14,
        0.795,
        2.2,
        0.855,
        2.2625,
        0.9175,
        2.3225,
        0.9775,
        2.3825,
        1.04,
        2.445,
        1.1,
        2.505,
        1.16,
        2.5675,
        1.2225,
        2.6275,
        1.2825,
        2.69,
        1.345
    ],
    "ImageOrientationPatientDICOM": [
        0.992248,
        0.107771,
        0.0618761,
        -0.107793,
        0.994169,
        -0.00299567
    ],
    "ImageOrientationText": "Tra>Sag(3.5)>Cor(0.2)",
    "InPlanePhaseEncodingDirectionDICOM": "ROW",
    "ConversionSoftware": "dcm2niix",
    "ConversionSoftwareVersion": "v1.0.20211006",
    "TaskName": "topup"
}