{
    "Modality": "MR",
    "MagneticFieldStrength": 3,
    "ImagingFrequency": 123.251,
    "Manufacturer": "Siemens",
    "ManufacturersModelName": "Verio",
    "InstitutionName": "INRA/03E5C6/",
    "InstitutionalDepartmentName": "Department",
    "InstitutionAddress": "Street StreetNo,Nouzilly,District,FR,37380",
    "DeviceSerialNumber": "40849",
    "StationName": "CIREIRM",
    "PatientPosition": "HFP",
    "ProcedureStepDescription": "CRANE^BREBIS",
    "SoftwareVersions": "syngo MR B19",
    "MRAcquisitionType": "3D",
    "SeriesDescription": "T1_3D_SAG_3NEX_PAT2",
    "ProtocolName": "T1_3D_SAG_3NEX_PAT2",
    "ScanningSequence": "GR\\IR",
    "SequenceVariant": "SP\\MP\\OSP",
    "ScanOptions": "IR",
    "SequenceName": "*tfl3d1_ns",
    "ImageType": [
        "ORIGINAL",
        "PRIMARY",
        "M",
        "ND"
    ],
    "SeriesNumber": 40,
    "AcquisitionTime": "09:29:15.490000",
    "AcquisitionNumber": 1,
    "SliceThickness": 0.5,
    "SAR": 0.11856,
    "NumberOfAverages": 3,
    "EchoTime": 0.00318,
    "RepetitionTime": 2.5,
    "InversionTime": 0.9,
    "FlipAngle": 12,
    "PartialFourier": 1,
    "BaseResolution": 384,
    "ShimSetting": [
        -4648,
        11728,
        2834,
        304,
        968,
        145,
        1806,
        -1782
    ],
    "TxRefAmp": 462.485,
    "PhaseResolution": 1,
    "PhaseOversampling": 0.1,
    "ReceiveCoilName": "4Ch_FlexLarge",
    "CoilString": "C:FL",
    "PulseSequenceDetails": "%SiemensSeq%\\tfl",
    "RefLinesPE": 24,
    "CoilCombinationMethod": "Adaptive Combine",
    "MatrixCoilMode": "GRAPPA",
    "PercentPhaseFOV": 100,
    "PercentSampling": 100,
    "PhaseEncodingSteps": 422,
    "AcquisitionMatrixPE": 384,
    "ReconMatrixPE": 384,
    "ParallelReductionFactorInPlane": 2,
    "PixelBandwidth": 150,
    "DwellTime": 8.7e-06,
    "ImageOrientationPatientDICOM": [
        -0.242534,
        0.968441,
        0.0574441,
        0.0487746,
        0.0713093,
        -0.996261
    ],
    "ImageOrientationText": "Sag>Cor(-13.8)>Tra(-3.7)",
    "InPlanePhaseEncodingDirectionDICOM": "ROW",
    "ConversionSoftware": "dcm2niix",
    "ConversionSoftwareVersion": "v1.0.20211006",
    "TaskName": "T1w"
}